GEM
  remote: https://rubygems.org/
  specs:
    childprocess (4.0.0)
    chipmunk (6.1.3.4)
    ffi (1.13.1)
    ffi (1.13.1-x64-mingw32)
    gosu (0.15.2)
    gosu (0.15.2-x64-mingw32)
    slave (1.3.2)

PLATFORMS
  ruby
  x64-mingw32

DEPENDENCIES
  childprocess!
  chipmunk!
  ffi!
  gosu!
  slave!

BUNDLED WITH
   2.1.4
